GEM
  remote: https://rubygems.org/
  specs:
    ast (2.4.2)
    fast_ignore (0.17.4)
    leftovers (0.12.2)
      fast_ignore (>= 0.17.0)
      parallel
      parser
    parallel (1.23.0)
    parser (3.2.2.3)
      ast (~> 2.4.1)
      racc
    racc (1.7.1)

PLATFORMS
  arm64-darwin-22

DEPENDENCIES
  leftovers

BUNDLED WITH
   2.4.1
